PATH
  remote: .
  specs:
    jp (0.0.2)
      mongo (~> 1.3.1)
      rev (~> 0.3.2)
      thrift (~> 0.6.0)

GEM
  specs:
    bson (1.3.1)
    iobuffer (1.0.0)
    mocha (0.9.12)
    mongo (1.3.1)
      bson (>= 1.3.1)
    rev (0.3.2)
      iobuffer (>= 0.1.3)
    thrift (0.6.0)

PLATFORMS
  ruby

DEPENDENCIES
  jp!
  mocha (~> 0.9.12)
